PATH
  remote: .
  specs:
    kosmonaut (0.1.6)
      json (~> 1.0)

GEM
  remote: http://rubygems.org/
  specs:
    json (1.6.1)

PLATFORMS
  ruby

DEPENDENCIES
  kosmonaut!
