PATH
  remote: .
  specs:
    kosmonaut (0.4.0)
      active_support (>= 3.0)
      json (~> 1.0)

GEM
  remote: http://rubygems.org/
  specs:
    active_support (3.0.0)
      activesupport (= 3.0.0)
    activesupport (3.0.0)
    json (1.6.5)
    minitest (2.11.0)

PLATFORMS
  ruby

DEPENDENCIES
  kosmonaut!
  minitest (~> 2.0)
