PATH
  remote: .
  specs:
    kosmonaut (0.1.0)
      json (~> 1.0)

GEM
  remote: http://rubygems.org/
  specs:
    gem-compile (0.0.4)
    json (1.6.5)
    rake (0.9.2.2)
    rake-compiler (0.8.0)
      rake

PLATFORMS
  ruby

DEPENDENCIES
  gem-compile
  kosmonaut!
  rake-compiler (~> 0.7)
