PATH
  remote: .
  specs:
    kosmonaut (0.3.0)
      json (~> 1.0)

GEM
  remote: http://rubygems.org/
  specs:
    json (1.6.5)
    minitest (2.11.0)
    rake (0.8.7)
    rdoc (3.12)
      json (~> 1.4)

PLATFORMS
  ruby

DEPENDENCIES
  kosmonaut!
  minitest (~> 2.0)
  rake (= 0.8.7)
  rdoc
